GIT
  remote: git://github.com/andrewvc/em-zeromq.git
  revision: 952bdbc1ef97fbd79ba3c2a8f14bed5aa784e50b
  specs:
    em-zeromq (0.2.2)
      eventmachine (>= 1.0.0.beta.4)
      ffi (>= 1.0.0)
      ffi-rzmq (~> 0.9.0)

GIT
  remote: git://github.com/jonasschneider/ffi-rzmq.git
  revision: 92f5779258e4046f10c203186759d427f45d1054
  branch: zeromq-2.1-compat
  specs:
    ffi-rzmq (0.9.3)
      ffi (>= 1.0.9)

GIT
  remote: git://github.com/jonasschneider/spdy.git
  revision: 141a0086378f769c4b006bd28a97a2725397810c
  branch: add-nocompress-flag
  specs:
    spdy (0.0.3)
      bindata
      ffi-zlib

GEM
  remote: http://rubygems.org/
  specs:
    async-rack (0.5.1)
      rack (~> 1.1)
    bindata (1.4.3)
    em-synchrony (1.0.0)
      eventmachine (>= 1.0.0.beta.1)
    eventmachine (1.0.0.beta.4)
    ffi (1.0.11)
    ffi-zlib (0.2.0)
      ffi
    goliath (0.9.4)
      async-rack
      em-synchrony (>= 1.0.0)
      eventmachine (>= 1.0.0.beta.3)
      http_parser.rb
      http_router (~> 0.9.0)
      log4r
      multi_json
      rack (>= 1.2.2)
      rack-contrib
      rack-respond_to
    http_parser.rb (0.5.3)
    http_router (0.9.7)
      rack (>= 1.0.0)
      url_mount (~> 0.2.1)
    log4r (1.1.10)
    multi_json (1.0.4)
    rack (1.4.1)
    rack-accept-media-types (0.9)
    rack-contrib (1.1.0)
      rack (>= 0.9.1)
    rack-respond_to (0.9.8)
      rack-accept-media-types (>= 0.6)
    url_mount (0.2.1)
      rack

PLATFORMS
  ruby

DEPENDENCIES
  em-zeromq!
  ffi-rzmq!
  goliath
  spdy!
